GEM
  remote: https://rubygems.org/
  specs:
    coderay (1.1.3)
    date (3.2.0)
    method_source (1.0.0)
    pry (0.14.1)
      coderay (~> 1.1)
      method_source (~> 1.0)
    time (0.2.0)
      date

PLATFORMS
  x86_64-linux

DEPENDENCIES
  pry
  time

RUBY VERSION
   ruby 2.7.4p191

BUNDLED WITH
   2.2.29
